GEM
  remote: http://rubygems.org/
  specs:
    bottles (2.1.0.584)
    fubudocs (0.9.9.51022)
    fuburake (1.2.0.45)
      bottles (>= 1.1)
      fubudocs (>= 0.5)
      ripple-cli (>= 2.0)
    rake (10.3.1)
    ripple-cli (2.3.4.151)

PLATFORMS
  x86-mingw32

DEPENDENCIES
  bundler (>= 1.3.5)
  fubudocs (>= 0.9)
  fuburake (~> 1.2)
  rake (~> 10.0)
  ripple-cli (~> 2.0)
