GEM
  remote: http://rubygems.org/
  specs:
    bottles (2.0.0.576)
    fubudocs (0.9.9.51402)
    fuburake (0.9.5.37)
      bottles (>= 1.1)
      fubudocs (>= 0.5)
      ripple-cli (~> 2.0)
    rake (10.1.0)
    ripple-cli (2.3.4.151)

PLATFORMS
  x86-mingw32

DEPENDENCIES
  bundler (>= 1.3.5)
  fubudocs (>= 0.9)
  fuburake (~> 0.5)
  rake (~> 10.0)
  ripple-cli (~> 2.0)
